GEM
  remote: https://rubygems.org/
  specs:
    byebug (11.1.3)
    dotenv (2.7.5)
    httparty (0.18.0)
      mime-types (~> 3.0)
      multi_xml (>= 0.5.2)
    mime-types (3.3.1)
      mime-types-data (~> 3.2015)
    mime-types-data (3.2020.0512)
    multi_xml (0.6.0)
    sqlite3 (1.4.2)

PLATFORMS
  ruby

DEPENDENCIES
  byebug (~> 11.1.0)
  dotenv (~> 2.7.0)
  httparty (~> 0.18.0)
  sqlite3 (~> 1.4.0)

BUNDLED WITH
   2.1.4
