GEM
  remote: https://rubygems.org/
  specs:
    byebug (11.0.1)
    csv (3.1.2)
    dotenv (2.7.5)
    httparty (0.17.1)
      mime-types (~> 3.0)
      multi_xml (>= 0.5.2)
    mime-types (3.3)
      mime-types-data (~> 3.2015)
    mime-types-data (3.2019.1009)
    multi_xml (0.6.0)
    sqlite3 (1.4.1)

PLATFORMS
  ruby

DEPENDENCIES
  byebug (~> 11.0.0)
  csv (~> 3.1.0)
  dotenv (~> 2.7.0)
  httparty (~> 0.17.0)
  sqlite3 (~> 1.4.0)

BUNDLED WITH
   2.0.2
