GEM
  remote: https://rubygems.org/
  specs:
    byebug (11.1.3)
    dotenv (2.7.6)
    httparty (0.21.0)
      mini_mime (>= 1.0.0)
      multi_xml (>= 0.5.2)
    mini_mime (1.1.2)
    multi_xml (0.6.0)
    sqlite3 (1.4.2)

PLATFORMS
  ruby

DEPENDENCIES
  byebug (~> 11.1.0)
  dotenv (~> 2.7.0)
  httparty (~> 0.21.0)
  sqlite3 (~> 1.4.0)

BUNDLED WITH
   2.1.4
